GEM
  remote: https://rubygems.org/
  specs:
    aws-partitions (1.38.0)
    aws-sdk-core (3.9.0)
      aws-partitions (~> 1.0)
      aws-sigv4 (~> 1.0)
      jmespath (~> 1.0)
    aws-sdk-ec2 (1.18.0)
      aws-sdk-core (~> 3)
      aws-sigv4 (~> 1.0)
    aws-sigv4 (1.0.2)
    coderay (1.1.2)
    jmespath (1.6.1)
    method_source (0.9.2)
    pry (0.12.2)
      coderay (~> 1.1.0)
      method_source (~> 0.9.0)

PLATFORMS
  ruby
  x86_64-cygwin

DEPENDENCIES
  aws-sdk-ec2
  pry

BUNDLED WITH
   1.17.3
