GEM
  remote: https://rubygems.org/
  specs:
    aws-partitions (1.38.0)
    aws-sdk-core (3.9.0)
      aws-partitions (~> 1.0)
      aws-sigv4 (~> 1.0)
      jmespath (~> 1.0)
    aws-sdk-ec2 (1.18.0)
      aws-sdk-core (~> 3)
      aws-sigv4 (~> 1.0)
    aws-sigv4 (1.0.2)
    jmespath (1.3.1)
    rumbda (1.1.0)
      bundler (= 1.9.9)
      thor (~> 0.19)
    thor (0.20.0)

PLATFORMS
  ruby

DEPENDENCIES
  aws-sdk-ec2
  bundler (= 1.9.9)
  rumbda
